GEM
  remote: https://rubygems.org/
  specs:
    ansi (1.5.0)
    ast (2.2.0)
    concurrent-ruby (1.0.1)
    daemons (1.2.3)
    eventmachine (1.2.0.1)
    hike (1.2.3)
    oga (2.2)
      ast
      ruby-ll (~> 2.1)
    opal (0.10.0.beta3)
      hike (~> 1.2)
      sourcemap (~> 0.1.0)
      sprockets (~> 3.1)
      tilt (>= 1.4)
    opal-connect (0.0.6)
      oga (>= 2.2)
      opal (>= 0.9.2)
      opal-jquery (>= 0.4.1)
    opal-jquery (0.4.1)
      opal (>= 0.7.0, < 0.10.0)
    rack (1.6.4)
    roda (2.13.0)
      rack
    ruby-ll (2.1.2)
      ansi
      ast
    sourcemap (0.1.1)
    sprockets (3.6.0)
      concurrent-ruby (~> 1.0)
      rack (> 1, < 3)
    thin (1.6.4)
      daemons (~> 1.0, >= 1.0.9)
      eventmachine (~> 1.0, >= 1.0.4)
      rack (~> 1.0)
    tilt (2.0.2)

PLATFORMS
  ruby

DEPENDENCIES
  opal (= 0.10.0.beta3)
  opal-connect (= 0.0.6)
  opal-jquery (= 0.4.1)
  roda
  thin

BUNDLED WITH
   1.11.2
